GEM
  remote: https://rubygems.org/
  specs:
    curses (1.1.1)

PLATFORMS
  ruby

DEPENDENCIES
  curses

BUNDLED WITH
   1.13.7
